GEM
  remote: http://rubygems.org/
  specs:
    addressable (2.2.7)
    chunky_png (1.2.5)
    coffee-script (2.2.0)
      coffee-script-source
      execjs
    coffee-script-source (1.2.0)
    compass (0.11.7)
      chunky_png (~> 1.2)
      fssm (>= 0.2.7)
      sass (~> 3.1)
    compass-h5bp (0.0.2)
      compass
    em-websocket (0.3.6)
      addressable (>= 2.1.1)
      eventmachine (>= 0.12.9)
    eventmachine (0.12.10)
    execjs (1.3.0)
      multi_json (~> 1.0)
    ffi (1.0.11)
    fssm (0.2.8.1)
    guard (0.10.0)
      ffi (>= 0.5.0)
      thor (~> 0.14.6)
    guard-coffeescript (0.5.4)
      coffee-script (>= 2.2.0)
      guard (>= 0.8.3)
    guard-compass (0.0.6)
      compass (>= 0.10.5)
      guard (>= 0.2.1)
    guard-haml (0.3.2)
      guard (>= 0.4)
      haml (>= 3.0)
    guard-livereload (0.4.0)
      em-websocket (>= 0.2.0)
      guard (>= 0.10.0)
      multi_json (~> 1.0.3)
    guard-webrick (0.1.0)
      ffi (~> 1.0.7)
      guard (~> 0.3)
      spoon (~> 0.0.1)
    haml (3.1.4)
    html5-boilerplate (2.1.0)
      compass
      compass-h5bp
    json (1.6.5)
    libnotify (0.7.2)
    localtunnel (0.3)
      json (>= 1.2.4)
      net-ssh (>= 2.0.22)
      net-ssh-gateway (>= 1.0.1)
    multi_json (1.0.4)
    net-ssh (2.3.0)
    net-ssh-gateway (1.1.0)
      net-ssh (>= 1.99.1)
    rb-inotify (0.8.8)
      ffi (>= 0.5.0)
    sass (3.1.15)
    spoon (0.0.1)
    thor (0.14.6)

PLATFORMS
  ruby

DEPENDENCIES
  compass
  guard
  guard-coffeescript
  guard-compass
  guard-haml
  guard-livereload
  guard-webrick
  haml
  html5-boilerplate
  libnotify
  localtunnel
  rb-inotify
